GEM
  remote: https://rubygems.org/
  specs:
    daemons (1.2.4)
    equatable (0.5.0)
    eventmachine (1.2.0.1)
    faraday (0.9.2)
      multipart-post (>= 1.2, < 3)
    multipart-post (2.0.0)
    pastel (0.6.1)
      equatable (~> 0.5.0)
      tty-color (~> 0.3.0)
    rack (1.6.4)
    rack-protection (1.5.3)
      rack
    sinatra (1.4.7)
      rack (~> 1.5)
      rack-protection (~> 1.4)
      tilt (>= 1.3, < 3)
    thin (1.7.0)
      daemons (~> 1.0, >= 1.0.9)
      eventmachine (~> 1.0, >= 1.0.4)
      rack (>= 1, < 3)
    tilt (2.0.5)
    tty-color (0.3.0)
    tty-command (0.2.0)
      pastel (~> 0.6.0)

PLATFORMS
  ruby

DEPENDENCIES
  faraday
  sinatra
  thin
  tty-command

BUNDLED WITH
   1.12.5
